GEM
  remote: http://rubygems.org/
  specs:
    activesupport (3.2.3)
      i18n (~> 0.6)
      multi_json (~> 1.0)
    addressable (2.2.8)
    aws-s3 (0.6.3)
      builder
      mime-types
      xml-simple
    builder (3.0.0)
    columnize (0.3.6)
    data_objects (0.10.10)
      addressable (~> 2.1)
    database_cleaner (0.7.2)
    debugger (1.1.4)
      columnize (>= 0.3.1)
      debugger-linecache (~> 1.1.1)
      debugger-ruby_core_source (~> 1.1.3)
    debugger-linecache (1.1.2)
      debugger-ruby_core_source (>= 1.1.1)
    debugger-ruby_core_source (1.1.3)
    dm-core (1.2.0)
      addressable (~> 2.2.6)
    dm-do-adapter (1.2.0)
      data_objects (~> 0.10.6)
      dm-core (~> 1.2.0)
    dm-migrations (1.2.0)
      dm-core (~> 1.2.0)
    dm-sqlite-adapter (1.2.0)
      dm-do-adapter (~> 1.2.0)
      do_sqlite3 (~> 0.10.6)
    dm-validations (1.2.0)
      dm-core (~> 1.2.0)
    do_sqlite3 (0.10.10)
      data_objects (= 0.10.10)
    extlib (0.9.15)
    git (1.2.5)
    i18n (0.6.0)
    jeweler (1.8.4)
      bundler (~> 1.0)
      git (>= 1.2.5)
      rake
      rdoc
    json (1.7.3)
    mime-types (1.19)
    minitest (4.3.3)
    mocha (0.9.8)
      rake
    multi_json (1.3.6)
    rake (0.9.2.2)
    rdoc (3.12)
      json (~> 1.4)
    shoulda (3.1.1)
      shoulda-context (~> 1.0)
      shoulda-matchers (~> 1.2)
    shoulda-context (1.0.0)
    shoulda-matchers (1.2.0)
      activesupport (>= 3.0.0)
    simplecov (0.6.4)
      multi_json (~> 1.0)
      simplecov-html (~> 0.5.3)
    simplecov-html (0.5.3)
    sqlite3 (1.3.6)
    xml-simple (1.1.1)
    yard (0.8.2.1)

PLATFORMS
  ruby

DEPENDENCIES
  aws-s3
  data_objects
  database_cleaner (~> 0.7.2)
  debugger (~> 1.1.3)
  dm-core (>= 1.2.0)
  dm-migrations (>= 1.2.0)
  dm-sqlite-adapter
  dm-validations (>= 1.2.0)
  do_sqlite3 (~> 0.10.10)
  extlib
  jeweler (~> 1.8.0)
  minitest
  mocha (= 0.9.8)
  shoulda
  simplecov (~> 0.6.4)
  sqlite3
  yard (~> 0.8.1)
